GEM
  specs:
    byebug (11.1.1)

PLATFORMS
  ruby

DEPENDENCIES
  byebug

BUNDLED WITH
   1.16.6
